GEM
  remote: https://rubygems.org/
  specs:
    celluloid (0.16.0)
      timers (~> 4.0.0)
    clap (1.0.0)
    daemons (1.2.6)
    erubis (2.7.0)
    eventmachine (1.2.5)
    ffi (1.9.18)
    hitimes (1.2.6)
    image_size (1.5.0)
    listen (2.10.1)
      celluloid (~> 0.16.0)
      rb-fsevent (>= 0.9.3)
      rb-inotify (>= 0.9)
    mini_portile2 (2.3.0)
    newrelic-roda (1.0.0.pre1)
      newrelic_rpm
      roda
    newrelic_rpm (4.8.0.341)
    nokogiri (1.8.2)
      mini_portile2 (~> 2.3.0)
    pg (1.0.0)
    puma (3.11.2)
    rack (2.0.4)
    rake (11.2.2)
    rb-fsevent (0.10.2)
    rb-inotify (0.9.10)
      ffi (>= 0.5.0, < 2)
    redis (3.3.0)
    rerun-cj (0.10.1)
      listen (~> 2.7, >= 2.7.9)
    roda (2.1.0)
      rack
    roda-bin (0.1.8)
      clap
      rerun-cj
      roda
      thin
    sequel (5.4.0)
    thin (1.7.2)
      daemons (~> 1.0, >= 1.0.9)
      eventmachine (~> 1.0, >= 1.0.4)
      rack (>= 1, < 3)
    tilt (2.0.8)
    timers (4.0.4)
      hitimes

PLATFORMS
  ruby

DEPENDENCIES
  erubis
  image_size
  newrelic-roda
  nokogiri
  pg
  puma
  rake
  redis
  roda
  roda-bin
  sequel
  tilt

RUBY VERSION
   ruby 2.3.1p112

BUNDLED WITH
   1.15.2
