GEM
  remote: https://rubygems.org/
  specs:
    erubis (2.7.0)
    mini_portile2 (2.3.0)
    nokogiri (1.8.2)
      mini_portile2 (~> 2.3.0)
    puma (3.11.2)
    rack (2.0.4)
    rake (11.2.2)
    redis (3.3.0)
    roda (2.1.0)
      rack
    tilt (2.0.8)

PLATFORMS
  ruby

DEPENDENCIES
  erubis
  nokogiri
  puma
  rake
  redis
  roda
  tilt

RUBY VERSION
   ruby 2.3.1p112

BUNDLED WITH
   1.15.2
